GEM
  remote: http://rubygems.org/
  specs:
    atomic (1.1.10)
    diff-lcs (1.2.4)
    fakeweb (1.3.0)
    git (1.2.5)
    jeweler (1.8.4)
      bundler (~> 1.0)
      git (>= 1.2.5)
      rake
      rdoc
    json (1.8.0)
    rake (10.1.0)
    rdoc (4.0.1)
      json (~> 1.4)
    rspec (2.13.0)
      rspec-core (~> 2.13.0)
      rspec-expectations (~> 2.13.0)
      rspec-mocks (~> 2.13.0)
    rspec-core (2.13.1)
    rspec-expectations (2.13.0)
      diff-lcs (>= 1.1.3, < 2.0)
    rspec-mocks (2.13.1)
    thread_safe (0.1.0)
      atomic

PLATFORMS
  ruby

DEPENDENCIES
  bundler (~> 1.2)
  fakeweb (~> 1.3)
  jeweler (~> 1.8)
  json (~> 1.8)
  rspec (~> 2.13)
  thread_safe (~> 0.1)
